GEM
  remote: https://rubygems.org/
  specs:
    activesupport (3.2.22)
      i18n (~> 0.6, >= 0.6.4)
      multi_json (~> 1.0)
    addressable (2.3.8)
    bootstrap-sass (3.1.1.1)
      sass (~> 3.2)
    builder (3.2.2)
    chunky_png (1.3.4)
    coffee-script (2.2.0)
      coffee-script-source
      execjs
    coffee-script-source (1.9.1.1)
    compass (1.0.3)
      chunky_png (~> 1.2)
      compass-core (~> 1.0.2)
      compass-import-once (~> 1.0.5)
      rb-fsevent (>= 0.9.3)
      rb-inotify (>= 0.9)
      sass (>= 3.3.13, < 3.5)
    compass-core (1.0.3)
      multi_json (~> 1.0)
      sass (>= 3.3.0, < 3.5)
    compass-import-once (1.0.5)
      sass (>= 3.2, < 3.5)
    compass-rgbapng (0.2.1)
      chunky_png (>= 0.8.0)
      compass (>= 0.10.0)
    docile (1.1.5)
    dotenv (1.0.2)
    em-websocket (0.5.1)
      eventmachine (>= 0.12.9)
      http_parser.rb (~> 0.6.0)
    eventmachine (1.0.7)
    execjs (1.4.1)
      multi_json (~> 1.0)
    exifr (1.2.3)
    favicon_maker (1.3)
      docile (~> 1.1)
    ffi (1.9.10)
    ffi (1.9.10-x86-mingw32)
    fspath (2.1.1)
    haml (4.0.6)
      tilt
    hike (1.2.3)
    htmlcompressor (0.2.0)
    http_parser.rb (0.6.0)
    i18n (0.6.11)
    image_optim (0.20.2)
      exifr (~> 1.1, >= 1.1.3)
      fspath (~> 2.1)
      image_size (~> 1.3)
      in_threads (~> 1.3)
      progress (~> 3.0, >= 3.0.1)
    image_optim_pack (0.2.1.20150702)
      fspath (~> 2.1)
      image_optim (~> 0.19)
    image_size (1.4.1)
    in_threads (1.3.1)
    json (1.8.3)
    kramdown (1.8.0)
    listen (1.3.1)
      rb-fsevent (>= 0.9.3)
      rb-inotify (>= 0.9)
      rb-kqueue (>= 0.2)
    middleman (3.2.2)
      coffee-script (~> 2.2.0)
      compass (>= 0.12.2)
      execjs (~> 1.4.0)
      haml (>= 3.1.6)
      kramdown (~> 1.2)
      middleman-core (= 3.2.2)
      middleman-sprockets (>= 3.1.2)
      sass (>= 3.1.20)
      uglifier (~> 2.4.0)
    middleman-blog (3.5.3)
      addressable (~> 2.3.5)
      middleman-core (~> 3.2)
      tzinfo (>= 0.3.0)
    middleman-core (3.2.2)
      activesupport (~> 3.2.6)
      bundler (~> 1.1)
      i18n (~> 0.6.9)
      listen (~> 1.1)
      rack (>= 1.4.5)
      rack-test (~> 0.6.1)
      thor (>= 0.15.2, < 2.0)
      tilt (~> 1.4.1)
    middleman-deploy (1.0.0)
      middleman-core (>= 3.2)
      net-sftp
      ptools
    middleman-dotenv (1.1.1)
      dotenv (~> 1.0)
      middleman-core (>= 3.2)
    middleman-favicon-maker (3.7)
      favicon_maker (~> 1.3)
      middleman-core (>= 3.0.0)
    middleman-imageoptim (0.2.1)
      image_optim (~> 0.20.2)
      image_optim_pack (~> 0.2.1)
      middleman-core (>= 3.1)
    middleman-livereload (3.1.1)
      em-websocket (>= 0.2.0)
      middleman-core (>= 3.0.2)
      multi_json (~> 1.0)
      rack-livereload
    middleman-minify-html (3.4.1)
      htmlcompressor (~> 0.2.0)
      middleman-core (>= 3.2)
    middleman-sprockets (3.3.3)
      middleman-core (>= 3.2)
      sprockets (~> 2.2)
      sprockets-helpers (~> 1.1.0)
      sprockets-sass (~> 1.1.0)
    middleman-syntax (1.2.1)
      middleman-core (~> 3.0)
      rouge (~> 0.3.0)
    mini_portile (0.6.2)
    multi_json (1.11.2)
    net-sftp (2.1.2)
      net-ssh (>= 2.6.5)
    net-ssh (2.9.2)
    nokogiri (1.6.6.2)
      mini_portile (~> 0.6.0)
    nokogiri (1.6.6.2-x86-mingw32)
      mini_portile (~> 0.6.0)
    progress (3.1.0)
    ptools (1.3.2)
    ptools (1.3.2-universal-mingw32)
      win32-file (>= 0.7.0)
    rack (1.6.4)
    rack-livereload (0.3.16)
      rack
    rack-test (0.6.3)
      rack (>= 1.0)
    rb-fsevent (0.9.5)
    rb-inotify (0.9.5)
      ffi (>= 0.5.0)
    rb-kqueue (0.2.4)
      ffi (>= 0.5.0)
    rouge (0.3.10)
      thor
    sass (3.4.16)
    slim (2.0.3)
      temple (~> 0.6.6)
      tilt (>= 1.3.3, < 2.1)
    sprockets (2.12.4)
      hike (~> 1.2)
      multi_json (~> 1.0)
      rack (~> 1.0)
      tilt (~> 1.1, != 1.3.0)
    sprockets-helpers (1.1.0)
      sprockets (~> 2.0)
    sprockets-sass (1.1.0)
      sprockets (~> 2.0)
      tilt (~> 1.1)
    temple (0.6.10)
    thor (0.19.1)
    thread_safe (0.3.5)
    tilt (1.4.1)
    tzinfo (1.2.2)
      thread_safe (~> 0.1)
    uglifier (2.4.0)
      execjs (>= 0.3.0)
      json (>= 1.8.0)
    wdm (0.1.1)
    win32-file (0.7.2)
      ffi
      win32-file-stat (>= 1.4.0)
    win32-file-stat (1.5.2)
      ffi

PLATFORMS
  ruby
  x86-mingw32

DEPENDENCIES
  bootstrap-sass (~> 3.1.1)
  builder (~> 3.2.2)
  compass-rgbapng
  middleman (~> 3.2.2)
  middleman-blog (~> 3.5.1)
  middleman-deploy
  middleman-dotenv
  middleman-favicon-maker (~> 3.5)
  middleman-imageoptim
  middleman-livereload (~> 3.1.0)
  middleman-minify-html
  middleman-syntax (~> 1.2.1)
  nokogiri
  slim (~> 2.0.2)
  tzinfo
  wdm (~> 0.1.0)

BUNDLED WITH
   1.10.3
